GEM
  remote: http://rubygems.org/
  specs:
    diff-lcs (1.1.2)
    git (1.2.5)
    grit (2.4.1)
      diff-lcs (~> 1.1)
      mime-types (~> 1.15)
    jeweler (1.6.3)
      bundler (~> 1.0)
      git (>= 1.2.5)
      rake
    mime-types (1.16)
    mocha (0.9.12)
    plist (3.1.0)
    rake (0.9.2)
    rspec (2.6.0)
      rspec-core (~> 2.6.0)
      rspec-expectations (~> 2.6.0)
      rspec-mocks (~> 2.6.0)
    rspec-core (2.6.4)
    rspec-expectations (2.6.0)
      diff-lcs (~> 1.1.2)
    rspec-mocks (2.6.0)
    yard (0.6.8)

PLATFORMS
  ruby

DEPENDENCIES
  grit (= 2.4.1)
  jeweler (~> 1.6.3)
  mocha
  plist (= 3.1.0)
  rspec (~> 2.6.0)
  yard (~> 0.6.0)
